GEM
  remote: http://rubygems.org/
  specs:
    coderay (1.1.2)
    connection_pool (2.2.2)
    dotenv (2.7.5)
    faraday (0.15.4)
      multipart-post (>= 1.2, < 3)
    jwt (2.2.1)
    method_source (0.9.2)
    mini_portile2 (2.8.0)
    multipart-post (2.1.1)
    nokogiri (1.13.4)
      mini_portile2 (~> 2.8.0)
      racc (~> 1.4)
    pry (0.12.2)
      coderay (~> 1.1.0)
      method_source (~> 0.9.0)
    racc (1.6.0)
    rack (2.0.7)
    rack-protection (2.0.5)
      rack
    redis (4.1.2)
    redis-namespace (1.6.0)
      redis (>= 3.0.4)
    sidekiq (5.2.7)
      connection_pool (~> 2.2, >= 2.2.2)
      rack (>= 1.5.0)
      rack-protection (>= 1.5.0)
      redis (>= 3.3.5, < 5)
    twilio-ruby (5.25.3)
      faraday (~> 0.9)
      jwt (>= 1.5, <= 2.5)
      nokogiri (>= 1.6, < 2.0)

PLATFORMS
  ruby

DEPENDENCIES
  dotenv
  pry
  redis
  redis-namespace
  sidekiq
  twilio-ruby

BUNDLED WITH
   1.17.3
